STORAGE: NONE
RESTRICTION: || (== net5.0) (== netstandard2.0) (== netstandard2.1)
NUGET
  remote: https://api.nuget.org/v3/index.json
    Dapper (2.0.123)
      System.Reflection.Emit.Lightweight (>= 4.7) - restriction: || (== netstandard2.0) (== netstandard2.1)
    System.Reflection.Emit.ILGeneration (4.7) - restriction: || (== netstandard2.0) (&& (== netstandard2.1) (< netstandard2.0)) (&& (== netstandard2.1) (< portable-net45+wp8)) (&& (== netstandard2.1) (>= uap10.1))
    System.Reflection.Emit.Lightweight (4.7) - restriction: || (== netstandard2.0) (== netstandard2.1)
      System.Reflection.Emit.ILGeneration (>= 4.7) - restriction: || (&& (== net5.0) (< netcoreapp2.0) (< netstandard2.1)) (&& (== net5.0) (< netstandard2.0)) (&& (== net5.0) (< portable-net45+wp8)) (&& (== net5.0) (>= uap10.1)) (== netstandard2.0) (&& (== netstandard2.1) (< netstandard2.0)) (&& (== netstandard2.1) (< portable-net45+wp8)) (&& (== netstandard2.1) (>= uap10.1))
